NUGET
  remote: http://nuget.org/api/v2
  specs:
    NUnit (2.6.3)
